GEM
  remote: https://rubygems.org/
  specs:
    ast (2.0.0)
    astrolabe (1.3.0)
      parser (>= 2.2.0.pre.3, < 3.0)
    backports (3.6.4)
    coderay (1.1.0)
    daemons (1.1.9)
    eventmachine (1.0.4)
    jsmin (1.0.1)
    json (1.8.1)
    method_source (0.8.2)
    multi_json (1.10.1)
    parser (2.2.0.2)
      ast (>= 1.1, < 3.0)
    powerpack (0.0.9)
    pry (0.10.1)
      coderay (~> 1.1.0)
      method_source (~> 0.8.1)
      slop (~> 3.4)
    pry-doc (0.6.0)
      pry (~> 0.9)
      yard (~> 0.8)
    rack (1.6.0)
    rack-protection (1.5.3)
      rack
    rack-test (0.6.3)
      rack (>= 1.0)
    rainbow (2.0.0)
    rb-readline (0.5.2)
    rubocop (0.28.0)
      astrolabe (~> 1.3)
      parser (>= 2.2.0.pre.7, < 3.0)
      powerpack (~> 0.0.6)
      rainbow (>= 1.99.1, < 3.0)
      ruby-progressbar (~> 1.4)
    ruby-progressbar (1.7.1)
    sinatra (1.4.5)
      rack (~> 1.4)
      rack-protection (~> 1.4)
      tilt (~> 1.3, >= 1.3.4)
    sinatra-assetpack (0.3.3)
      jsmin
      rack-test
      sinatra
      tilt (>= 1.3.0, < 2.0)
    sinatra-contrib (1.4.2)
      backports (>= 2.0)
      multi_json
      rack-protection
      rack-test
      sinatra (~> 1.4.0)
      tilt (~> 1.3)
    slop (3.6.0)
    thin (1.6.3)
      daemons (~> 1.0, >= 1.0.9)
      eventmachine (~> 1.0)
      rack (~> 1.0)
    tilt (1.4.1)
    yard (0.8.7.6)

PLATFORMS
  ruby

DEPENDENCIES
  json
  pry
  pry-doc
  rb-readline
  rubocop
  sinatra (= 1.4.5)
  sinatra-assetpack
  sinatra-contrib
  thin
