GEM
  remote: https://rubygems.org/
  specs:
    ast (2.1.0)
    astrolabe (1.3.1)
      parser (~> 2.2)
    backports (3.6.6)
    coderay (1.1.0)
    daemons (1.2.3)
    docker-api (1.22.4)
      excon (>= 0.38.0)
      json
    eventmachine (1.0.8)
    excon (0.45.4)
    jsmin (1.0.1)
    json (1.8.3)
    memcached (1.8.0)
    method_source (0.8.2)
    multi_json (1.11.2)
    parser (2.2.3.0)
      ast (>= 1.1, < 3.0)
    power_assert (0.2.5)
    powerpack (0.1.1)
    pry (0.10.3)
      coderay (~> 1.1.0)
      method_source (~> 0.8.1)
      slop (~> 3.4)
    pry-doc (0.8.0)
      pry (~> 0.9)
      yard (~> 0.8)
    r18n-core (2.1.0)
    rack (1.6.4)
    rack-protection (1.5.3)
      rack
    rack-test (0.6.3)
      rack (>= 1.0)
    rainbow (2.0.0)
    rb-readline (0.5.3)
    rubocop (0.34.2)
      astrolabe (~> 1.3)
      parser (>= 2.2.2.5, < 3.0)
      powerpack (~> 0.1)
      rainbow (>= 1.99.1, < 3.0)
      ruby-progressbar (~> 1.4)
    ruby-progressbar (1.7.5)
    sass (3.4.19)
    sinatra (1.4.6)
      rack (~> 1.4)
      rack-protection (~> 1.4)
      tilt (>= 1.3, < 3)
    sinatra-assetpack (0.3.3)
      jsmin
      rack-test
      sinatra
      tilt (>= 1.3.0, < 2.0)
    sinatra-contrib (1.4.6)
      backports (>= 2.0)
      multi_json
      rack-protection
      rack-test
      sinatra (~> 1.4.0)
      tilt (>= 1.3, < 3)
    sinatra-r18n (2.1.0)
      r18n-core (= 2.1.0)
      sinatra (>= 1.3)
    slop (3.6.0)
    test-unit (3.1.5)
      power_assert
    thin (1.6.4)
      daemons (~> 1.0, >= 1.0.9)
      eventmachine (~> 1.0, >= 1.0.4)
      rack (~> 1.0)
    tilt (1.4.1)
    yard (0.8.7.6)

PLATFORMS
  ruby

DEPENDENCIES
  docker-api (= 1.22.4)
  memcached (= 1.8.0)
  pry
  pry-doc
  rb-readline
  rubocop
  sass (= 3.4.19)
  sinatra (= 1.4.6)
  sinatra-assetpack (= 0.3.3)
  sinatra-contrib (= 1.4.6)
  sinatra-r18n
  test-unit
  thin (= 1.6.4)

BUNDLED WITH
   1.10.2
